GEM
  remote: https://rubygems.org/
  specs:
    advent_of_code_cli (0.1.7)
      thor (>= 1.2.0)
    coderay (1.1.3)
    matrix (0.4.2)
    method_source (1.0.0)
    parallel (1.22.1)
    pry (0.14.1)
      coderay (~> 1.1)
      method_source (~> 1.0)
    thor (1.2.1)

PLATFORMS
  ruby

DEPENDENCIES
  advent_of_code_cli
  matrix (~> 0.4.2)
  parallel
  pry

RUBY VERSION
   ruby 2.6.10p210

BUNDLED WITH
   1.17.2
